GEM
  remote: https://rubygems.org/
  specs:
    coderay (1.1.0)
    json (1.8.2)
    method_source (0.8.2)
    mini_portile (0.6.2)
    mysql2 (0.3.18)
    nokogiri (1.6.6.2)
      mini_portile (~> 0.6.0)
    pry (0.10.1)
      coderay (~> 1.1.0)
      method_source (~> 0.8.1)
      slop (~> 3.4)
    sequel (4.20.0)
    slop (3.6.0)
    sqlite3 (1.3.10)

PLATFORMS
  ruby

DEPENDENCIES
  json
  mysql2
  nokogiri
  pry
  sequel
  sqlite3
